GEM
  remote: http://rubygems.org/
  specs:
    activesupport (3.2.3)
      i18n (~> 0.6)
      multi_json (~> 1.0)
    akami (1.0.0)
      gyoku (>= 0.4.0)
    amatch (0.2.10)
      tins (~> 0.3)
    builder (3.0.0)
    dalli (2.1.0)
    diff-lcs (1.1.3)
    factory_girl (3.3.0)
      activesupport (>= 3.0.0)
    factory_girl_rspec (0.0.2)
      factory_girl (>= 2.0)
      rspec (>= 2.0)
    gyoku (0.4.4)
      builder (>= 2.1.2)
    haml (3.1.7)
    hpricot (0.8.6)
    httpi (0.9.7)
      rack
    i18n (0.6.0)
    imdb (0.6.8)
      hpricot (~> 0.8.4)
    memcachier (0.0.2)
    mini_portile2 (2.6.1)
    multi_json (1.3.5)
    nokogiri (1.12.5)
      mini_portile2 (~> 2.6.1)
      racc (~> 1.4)
    nori (1.1.0)
    pg (0.14.0)
    racc (1.5.2)
    rack (1.4.1)
    rake (0.9.2.2)
    rspec (2.10.0)
      rspec-core (~> 2.10.0)
      rspec-expectations (~> 2.10.0)
      rspec-mocks (~> 2.10.0)
    rspec-core (2.10.0)
    rspec-expectations (2.10.0)
      diff-lcs (~> 1.1.3)
    rspec-mocks (2.10.1)
    savon (0.9.9)
      akami (~> 1.0)
      builder (>= 2.1.2)
      gyoku (>= 0.4.0)
      httpi (~> 0.9)
      nokogiri (>= 1.4.0)
      nori (~> 1.1)
      wasabi (~> 2.1)
    sinatra (1.2.3)
      rack (~> 1.1)
      tilt (>= 1.2.2, < 2.0)
    tilt (1.3.3)
    timecop (0.3.5)
    tins (0.4.3)
    wasabi (2.1.1)
      nokogiri (>= 1.4.0)

PLATFORMS
  ruby

DEPENDENCIES
  amatch
  dalli
  factory_girl
  factory_girl_rspec
  haml
  imdb
  memcachier
  pg
  rake
  rspec
  savon
  sinatra (= 1.2.3)
  timecop
